GEM
  remote: https://rubygems.org/
  specs:
    diff-lcs (1.3)
    rspec-expectations (3.5.0)
      diff-lcs (>= 1.2.0, < 2.0)
      rspec-support (~> 3.5.0)
    rspec-support (3.5.0)

PLATFORMS
  ruby

DEPENDENCIES
  rspec-expectations

BUNDLED WITH
   1.14.3
